GEM
  remote: https://ruby.taobao.org/
  specs:
    sqlite3 (1.3.10)

PLATFORMS
  ruby

DEPENDENCIES
  sqlite3
